GEM
  remote: https://rubygems.org/
  specs:
    erubis (2.7.0)
    escape_utils (1.0.1)
    rack (1.5.2)
    rack-protection (1.5.2)
      rack
    sinatra (1.4.4)
      rack (~> 1.4)
      rack-protection (~> 1.4)
      tilt (~> 1.3, >= 1.3.4)
    tilt (1.4.1)
    tiny (0.2.6)
      erubis (~> 2.7)
      escape_utils
      tilt (~> 1.3)

PLATFORMS
  ruby

DEPENDENCIES
  sinatra
  tiny
